PATH
  remote: .
  specs:
    aws-ami (0.0.4)
      aws-sdk (~> 1.8.2)

GEM
  remote: https://rubygems.org/
  specs:
    aws-sdk (1.8.3)
      json (~> 1.4)
      nokogiri (>= 1.4.4)
      uuidtools (~> 2.1)
    json (1.7.7)
    nokogiri (1.5.6)
    uuidtools (2.1.3)

PLATFORMS
  ruby

DEPENDENCIES
  aws-ami!
